GEM
  remote: http://rubygems.org/
  specs:
    concurrent-ruby (1.1.5)
    et-orbi (1.2.1)
      tzinfo
    fugit (1.2.1)
      et-orbi (~> 1.1, >= 1.1.8)
      raabro (~> 1.1)
    raabro (1.1.6)
    rufus-scheduler (3.6.0)
      fugit (~> 1.1, >= 1.1.6)
    tzinfo (2.0.0)
      concurrent-ruby (~> 1.0)

PLATFORMS
  ruby

DEPENDENCIES
  rufus-scheduler

BUNDLED WITH
   1.16.1
